PATH
  remote: .
  specs:
    jira_api (0.0.1)
      curb (~> 0.9.8)
      excon (~> 0.62)
      json (~> 2.1)
      oj (~> 3.7)

GEM
  remote: https://rubygems.org/
  specs:
    curb (0.9.11)
    diff-lcs (1.3)
    excon (0.85.0)
    json (2.5.1)
    oj (3.13.2)
    rspec (3.8.0)
      rspec-core (~> 3.8.0)
      rspec-expectations (~> 3.8.0)
      rspec-mocks (~> 3.8.0)
    rspec-core (3.8.0)
      rspec-support (~> 3.8.0)
    rspec-expectations (3.8.2)
      diff-lcs (>= 1.2.0, < 2.0)
      rspec-support (~> 3.8.0)
    rspec-mocks (3.8.0)
      diff-lcs (>= 1.2.0, < 2.0)
      rspec-support (~> 3.8.0)
    rspec-support (3.8.0)

PLATFORMS
  ruby

DEPENDENCIES
  jira_api!
  rspec (~> 3.2)

BUNDLED WITH
   1.17.1
